GEM
  remote: https://rubygems.org/
  specs:
    backports (3.6.7)
    coderay (1.1.1)
    hamlit (2.1.2)
      temple (~> 0.7.6)
      thor
      tilt
    mail (2.6.3)
      mime-types (>= 1.16, < 3)
    method_source (0.8.2)
    mime-types (2.99.1)
    multi_json (1.11.2)
    pony (1.11)
      mail (>= 2.0)
    pry (0.10.3)
      coderay (~> 1.1.0)
      method_source (~> 0.8.1)
      slop (~> 3.4)
    pry-nav (0.2.4)
      pry (>= 0.9.10, < 0.11.0)
    rack (1.6.4)
    rack-protection (1.5.3)
      rack
    rack-test (0.6.3)
      rack (>= 1.0)
    sinatra (1.4.6)
      rack (~> 1.4)
      rack-protection (~> 1.4)
      tilt (>= 1.3, < 3)
    sinatra-contrib (1.4.6)
      backports (>= 2.0)
      multi_json
      rack-protection
      rack-test
      sinatra (~> 1.4.0)
      tilt (>= 1.3, < 3)
    slop (3.6.0)
    temple (0.7.6)
    thor (0.19.1)
    tilt (2.0.1)

PLATFORMS
  ruby

DEPENDENCIES
  hamlit
  pony
  pry
  pry-nav
  sinatra
  sinatra-contrib

BUNDLED WITH
   1.10.6
